GEM
  remote: https://gems.ruby-china.org/
  specs:
    stringex (2.5.2)

PLATFORMS
  ruby

DEPENDENCIES
  stringex (~> 2.5.2)
